GEM
  remote: https://rubygems.org/
  specs:
    dbd-odbc (0.2.5)
      dbi (>= 0.4.0)
    dbi (0.4.5)
      deprecated (= 2.0.1)
    deprecated (2.0.1)
    rack (1.5.2)
    rack-protection (1.5.0)
      rack
    ruby-odbc (0.99995)
    sinatra (1.4.3)
      rack (~> 1.4)
      rack-protection (~> 1.4)
      tilt (~> 1.3, >= 1.3.4)
    tilt (1.4.1)

PLATFORMS
  x86-mingw32

DEPENDENCIES
  dbd-odbc
  dbi
  ruby-odbc
  sinatra
